GIT
  remote: git://github.com/johnbintz/silent-postgres.git
  revision: 22b767853d9375f2fe3d88e3833eb37e3796520d
  specs:
    silent-postgres (0.0.7)

GIT
  remote: git://github.com/zef/acts_as_geocodable.git
  revision: 1562d24d7283d4f91f3d1b796db3ee9bb09d20b0
  specs:
    acts_as_geocodable (2.0.2)
      graticule (>= 2.0.0)

GEM
  remote: http://rubygems.org/
  specs:
    abstract (1.0.0)
    actionmailer (3.0.9)
      actionpack (= 3.0.9)
      mail (~> 2.2.19)
    actionpack (3.0.9)
      activemodel (= 3.0.9)
      activesupport (= 3.0.9)
      builder (~> 2.1.2)
      erubis (~> 2.6.6)
      i18n (~> 0.5.0)
      rack (~> 1.2.1)
      rack-mount (~> 0.6.14)
      rack-test (~> 0.5.7)
      tzinfo (~> 0.3.23)
    activemodel (3.0.9)
      activesupport (= 3.0.9)
      builder (~> 2.1.2)
      i18n (~> 0.5.0)
    activerecord (3.0.9)
      activemodel (= 3.0.9)
      activesupport (= 3.0.9)
      arel (~> 2.0.10)
      tzinfo (~> 0.3.23)
    activeresource (3.0.9)
      activemodel (= 3.0.9)
      activesupport (= 3.0.9)
    activesupport (3.0.9)
    acts-as-taggable-on (2.0.6)
    annotate (2.4.0)
    arel (2.0.10)
    bcrypt-ruby (2.1.4)
    builder (2.1.2)
    capistrano (2.6.0)
      highline
      net-scp (>= 1.0.0)
      net-sftp (>= 2.0.0)
      net-ssh (>= 2.0.14)
      net-ssh-gateway (>= 1.1.0)
    capistrano-ext (1.2.1)
      capistrano (>= 1.0.0)
    carrierwave (0.5.1)
      activesupport (~> 3.0)
    chronic (0.3.0)
    chunky_png (1.2.0)
    columnize (0.3.2)
    compass (0.11.5)
      chunky_png (~> 1.2)
      fssm (>= 0.2.7)
      sass (~> 3.1)
    dao (3.3.0)
    earth-tools (0.1.0)
      nokogiri (>= 1.2.3)
    erubis (2.6.6)
      abstract (>= 1.0.0)
    faker (0.9.4)
      i18n (~> 0.4)
    fattr (2.2.0)
    formtastic (1.2.4)
      actionpack (>= 2.3.7)
      activesupport (>= 2.3.7)
      i18n (~> 0.4)
    fssm (0.2.7)
    graticule (2.1.0)
      activesupport
      happymapper (>= 0.3.0)
      i18n
      json
    happymapper (0.3.2)
      libxml-ruby (~> 1.1.3)
    highline (1.6.2)
    i18n (0.5.0)
    jquery-rails (0.2.6)
      rails (~> 3.0)
      thor (~> 0.14.4)
    json (1.5.3)
    libxml-ruby (1.1.4)
    linecache (0.43)
    little-plugger (1.1.2)
    lockfile (1.4.3)
    logging (1.4.3)
      little-plugger (>= 1.1.2)
    mail (2.2.19)
      activesupport (>= 2.3.6)
      i18n (>= 0.4.0)
      mime-types (~> 1.16)
      treetop (~> 1.4.8)
    map (4.2.0)
    mime-types (1.16)
    mini_magick (3.2)
      subexec (~> 0.0.4)
    net-scp (1.0.4)
      net-ssh (>= 1.99.1)
    net-sftp (2.0.5)
      net-ssh (>= 2.0.9)
    net-ssh (2.1.4)
    net-ssh-gateway (1.1.0)
      net-ssh (>= 1.99.1)
    newrelic_rpm (3.1.1)
    nokogiri (1.4.4)
    pg (0.10.1)
    pg_search (0.2)
    polyglot (0.3.2)
    rack (1.2.3)
    rack-mount (0.6.14)
      rack (>= 1.0.0)
    rack-test (0.5.7)
      rack (>= 1.0)
    rails (3.0.9)
      actionmailer (= 3.0.9)
      actionpack (= 3.0.9)
      activerecord (= 3.0.9)
      activeresource (= 3.0.9)
      activesupport (= 3.0.9)
      bundler (~> 1.0)
      railties (= 3.0.9)
    railties (3.0.9)
      actionpack (= 3.0.9)
      activesupport (= 3.0.9)
      rake (>= 0.8.7)
      rdoc (~> 3.4)
      thor (~> 0.14.4)
    rake (0.9.2)
    rdoc (3.9.1)
    ruby-debug (0.10.4)
      columnize (>= 0.1)
      ruby-debug-base (~> 0.10.4.0)
    ruby-debug-base (0.10.4)
      linecache (>= 0.3)
    sass (3.1.5)
    shared (1.1.0)
    subexec (0.0.4)
    tagz (9.0.0)
    thor (0.14.6)
    treetop (1.4.10)
      polyglot
      polyglot (>= 0.3.1)
    tzinfo (0.3.29)
    unidecode (1.0.0)
    uuidtools (2.1.1)
    will_paginate (3.0.pre2)
    yajl-ruby (0.8.1)

PLATFORMS
  ruby

DEPENDENCIES
  acts-as-taggable-on
  acts_as_geocodable!
  annotate
  bcrypt-ruby
  capistrano
  capistrano-ext
  carrierwave
  chronic
  compass
  dao
  earth-tools
  faker
  fattr
  formtastic
  jquery-rails (>= 0.2.6)
  lockfile
  logging
  map (~> 4.2.0)
  mini_magick
  newrelic_rpm
  pg
  pg_search
  rails (= 3.0.9)
  ruby-debug
  shared
  silent-postgres!
  tagz (~> 9.0.0)
  tzinfo
  unidecode
  uuidtools
  will_paginate (~> 3.0.beta)
  yajl-ruby (= 0.8.1)
